PATH
  remote: .
  specs:
    ratify (0.2.0)

GEM
  remote: https://rubygems.org/
  specs:
    minitest (5.11.3)
    rake (10.5.0)
    yard (0.9.12)

PLATFORMS
  ruby

DEPENDENCIES
  bundler (~> 1.16)
  minitest (~> 5.0)
  rake (~> 10.0)
  ratify!
  yard (~> 0.9.12)

BUNDLED WITH
   1.16.1
